GEM
  remote: http://rubygems.org/
  specs:
    addressable (2.2.7)
    clockwork (0.3.4)
    dropbox-sdk (1.2)
      json
    faraday (0.7.6)
      addressable (~> 2.2)
      multipart-post (~> 1.1)
      rack (~> 1.1)
    faraday_middleware (0.7.0)
      faraday (~> 0.7.3)
    hashie (1.1.0)
    json (1.6.5)
    multi_json (1.0.4)
    multi_xml (0.4.2)
    multipart-post (1.1.5)
    rack (1.4.1)
    simple_oauth (0.1.5)
    twitter (1.7.2)
      faraday (~> 0.7.4)
      faraday_middleware (~> 0.7.0)
      hashie (~> 1.1.0)
      multi_json (~> 1.0.0)
      multi_xml (~> 0.4.0)
      simple_oauth (~> 0.1.5)

PLATFORMS
  ruby

DEPENDENCIES
  clockwork
  dropbox-sdk
  twitter
